REDIRECTS: ON
NUGET
  remote: https://www.nuget.org/api/v2
  specs:
    Exude (0.2.1)
      xunit (>= 1.9.2)
    FsCheck (2.0.7)
      FSharp.Core (>= 3.1.2.5)
    FsCheck.Nunit (2.0.7)
      FsCheck (>= 2.0.7)
      NUnit (>= 2.6.4)
      NUnit.Runners (>= 2.6.4)
    FSharp.Core (4.0.0.1)
    NUnit (2.6.4)
    NUnit.Runners (2.6.4)
    Unquote (3.0.0)
    xunit (1.9.2)
